PATH
  remote: .
  specs:
    tiny_work_service (3.2.0)
      tiny_eta (>= 1.0)
      tiny_tcp_service (>= 1.4)

GEM
  remote: https://rubygems.org/
  specs:
    tiny_eta (1.0.2)
    tiny_tcp_service (1.4.1)

PLATFORMS
  x86_64-darwin-21
  x86_64-darwin-22

DEPENDENCIES
  tiny_work_service!

BUNDLED WITH
   2.3.14
