PATH
  remote: .
  specs:
    tiny_work_service (2.0.1)
      tiny_tcp_service (>= 1.4)

GEM
  remote: https://rubygems.org/
  specs:
    tiny_tcp_service (1.4.0)

PLATFORMS
  x86_64-darwin-21
  x86_64-darwin-22

DEPENDENCIES
  tiny_work_service!

BUNDLED WITH
   2.3.14
