PATH
  remote: .
  specs:
    tiny_work_service (1.1.0)
      tiny_tcp_service (>= 1.3)

GEM
  remote: https://rubygems.org/
  specs:
    tiny_tcp_service (1.3.0)

PLATFORMS
  x86_64-darwin-21

DEPENDENCIES
  tiny_work_service!

BUNDLED WITH
   2.3.14
